GIT
  remote: git://github.com/beeminder/beeminder-gem.git
  revision: f9ba26826943ffa7e8c013384aa12db329fb5c88
  specs:
    beeminder (0.2.11)
      activesupport (>= 3.2, < 6)
      chronic (~> 0.7)
      highline (~> 1.6)
      json
      optimist (~> 3)
      tzinfo

GEM
  remote: https://rubygems.org/
  specs:
    activesupport (5.2.3)
      concurrent-ruby (~> 1.0, >= 1.0.2)
      i18n (>= 0.7, < 2)
      minitest (~> 5.1)
      tzinfo (~> 1.1)
    awesome_print (1.8.0)
    chronic (0.10.2)
    concurrent-ruby (1.1.5)
    highline (1.7.10)
    i18n (1.6.0)
      concurrent-ruby (~> 1.0)
    json (2.2.0)
    minitest (5.11.3)
    optimist (3.0.0)
    sequel (5.18.0)
    sqlite3 (1.4.0)
    thread_safe (0.3.6)
    tzinfo (1.2.5)
      thread_safe (~> 0.1)

PLATFORMS
  ruby

DEPENDENCIES
  activesupport (< 6.0)
  awesome_print
  beeminder!
  sequel
  sqlite3

RUBY VERSION
   ruby 2.6.2p47

BUNDLED WITH
   1.17.2
